GEM
  remote: https://rubygems.org/
  specs:
    combine_pdf (1.0.22)
      matrix
      ruby-rc4 (>= 0.1.5)
    matrix (0.4.2)
    net-sftp (3.0.0)
      net-ssh (>= 5.0.0, < 7.0.0)
    net-ssh (6.1.0)
    rexml (3.2.5)
    rss (0.2.9)
      rexml
    ruby-rc4 (0.1.5)

PLATFORMS
  ruby

DEPENDENCIES
  combine_pdf (~> 1.0)
  net-sftp (~> 3.0)
  net-ssh (~> 6.1)
  rss (~> 0.2.9)

BUNDLED WITH
   2.1.4
